GEM
  remote: https://rubygems.org/
  specs:
    minitest (5.14.0)
    minitest-ci (3.4.0)
      minitest (>= 5.0.6)
    rake (13.0.1)

PLATFORMS
  ruby

DEPENDENCIES
  minitest
  minitest-ci
  rake

RUBY VERSION
   ruby 2.6.5p114

BUNDLED WITH
   2.1.4
