GEM
  remote: https://rubygems.org/
  specs:
    minitest (5.14.0)
    rake (13.0.1)

PLATFORMS
  ruby

DEPENDENCIES
  minitest
  rake

RUBY VERSION
   ruby 2.6.5p114

BUNDLED WITH
   2.1.4
